PATH
  remote: .
  specs:
    blower (4.7)
      colorize (~> 0.7)
      net-scp (~> 1.2)
      net-ssh (~> 3.0)
      net-ssh-gateway (~> 1.2)

GEM
  remote: https://rubygems.org/
  specs:
    colorize (0.7.7)
    net-scp (1.2.1)
      net-ssh (>= 2.6.5)
    net-ssh (3.2.0)
    net-ssh-gateway (1.2.0)
      net-ssh (>= 2.6.5)
    yard (0.9.26)

PLATFORMS
  x86_64-linux

DEPENDENCIES
  blower!
  yard (~> 0.9)

BUNDLED WITH
   2.2.17
