PATH
  remote: .
  specs:
    blower (1.0.0)
      colorize (~> 0.7)
      net-scp (~> 1.2)
      net-ssh (~> 3.0)

GEM
  remote: https://rubygems.org/
  specs:
    colorize (0.7.7)
    net-scp (1.2.1)
      net-ssh (>= 2.6.5)
    net-ssh (3.0.1)

PLATFORMS
  ruby

DEPENDENCIES
  blower!

BUNDLED WITH
   1.10.6
