PATH
  remote: .
  specs:
    blower (4.0)
      colorize (~> 0.7)
      net-scp (~> 1.2)
      net-ssh (~> 3.0)

GEM
  remote: https://rubygems.org/
  specs:
    colorize (0.7.7)
    net-scp (1.2.1)
      net-ssh (>= 2.6.5)
    net-ssh (3.0.2)
    yard (0.8.7.6)

PLATFORMS
  ruby

DEPENDENCIES
  blower!
  yard

BUNDLED WITH
   1.11.2
