PATH
  remote: .
  specs:
    blower (10)
      bcrypt_pbkdf
      colorize (~> 0.7)
      ed25519
      net-scp
      net-ssh
      net-ssh-gateway
      rbnacl

GEM
  remote: https://rubygems.org/
  specs:
    bcrypt_pbkdf (1.1.0)
    colorize (0.8.1)
    ed25519 (1.2.4)
    ffi (1.15.3)
    net-scp (3.0.0)
      net-ssh (>= 2.6.5, < 7.0.0)
    net-ssh (6.1.0)
    net-ssh-gateway (2.0.0)
      net-ssh (>= 4.0.0)
    rbnacl (7.1.1)
      ffi
    yard (0.9.26)

PLATFORMS
  ruby

DEPENDENCIES
  blower!
  yard (~> 0.9)

BUNDLED WITH
   2.2.17
