PATH
  remote: .
  specs:
    blower (4.7)
      bcrypt_pbkdf
      colorize (~> 0.7)
      net-scp
      net-ssh
      net-ssh-gateway
      rbnacl

GEM
  remote: https://rubygems.org/
  specs:
    bcrypt_pbkdf (1.0.0)
    colorize (0.8.1)
    ffi (1.9.25)
    net-scp (1.2.1)
      net-ssh (>= 2.6.5)
    net-ssh (5.0.2)
    net-ssh-gateway (2.0.0)
      net-ssh (>= 4.0.0)
    rbnacl (5.0.0)
      ffi
    yard (0.9.16)

PLATFORMS
  ruby

DEPENDENCIES
  blower!
  yard (~> 0.8)

BUNDLED WITH
   1.16.2
