PATH
  remote: .
  specs:
    blower (4.3)
      colorize (~> 0.7)
      net-scp (~> 1.2)
      net-ssh (~> 3.0)
      net-ssh-gateway (~> 1.2)

GEM
  remote: https://rubygems.org/
  specs:
    colorize (0.7.7)
    net-scp (1.2.1)
      net-ssh (>= 2.6.5)
    net-ssh (3.2.0)
    net-ssh-gateway (1.2.0)
      net-ssh (>= 2.6.5)
    yard (0.8.7.6)

PLATFORMS
  ruby

DEPENDENCIES
  blower!
  yard (~> 0.8)

BUNDLED WITH
   1.12.5
